PATH
  remote: .
  specs:
    carol (0.2.0)
      rack (~> 2.0, >= 2.0.5)
      rack-test (~> 0.6.3)

GEM
  remote: https://rubygems.org/
  specs:
    diff-lcs (1.3)
    rack (2.0.5)
    rack-test (0.6.3)
      rack (>= 1.0)
    rake (10.3.2)
    rspec (3.7.0)
      rspec-core (~> 3.7.0)
      rspec-expectations (~> 3.7.0)
      rspec-mocks (~> 3.7.0)
    rspec-core (3.7.1)
      rspec-support (~> 3.7.0)
    rspec-expectations (3.7.0)
      diff-lcs (>= 1.2.0, < 2.0)
      rspec-support (~> 3.7.0)
    rspec-mocks (3.7.0)
      diff-lcs (>= 1.2.0, < 2.0)
      rspec-support (~> 3.7.0)
    rspec-support (3.7.1)

PLATFORMS
  ruby

DEPENDENCIES
  bundler (~> 1.16)
  carol!
  rake (~> 10.0)
  rspec (~> 3.0)

BUNDLED WITH
   1.16.1
